GEM
  remote: https://rubygems.org/
  specs:
    json (2.3.0)
    redis (4.1.2)

PLATFORMS
  ruby

DEPENDENCIES
  json
  redis

BUNDLED WITH
   2.0.2
